GEM
  remote: https://rubygems.org/
  specs:
    activesupport (4.2.1)
      i18n (~> 0.7)
      json (~> 1.7, >= 1.7.7)
      minitest (~> 5.1)
      thread_safe (~> 0.3, >= 0.3.4)
      tzinfo (~> 1.1)
    celluloid (0.16.0)
      timers (~> 4.0.0)
    clap (1.0.0)
    daemons (1.2.2)
    erubis (2.7.0)
    eventmachine (1.0.7)
    ffi (1.9.8)
    hitimes (1.2.2)
    httpclient (2.6.0.1)
    i18n (0.7.0)
    java_properties (0.0.4)
    json (1.8.2)
    listen (2.10.0)
      celluloid (~> 0.16.0)
      rb-fsevent (>= 0.9.3)
      rb-inotify (>= 0.9)
    logeasy (0.0.8)
    minitest (5.6.1)
    multi_json (1.11.0)
    properties-ruby (0.0.4)
      logeasy (>= 0.0.4)
    rack (1.6.0)
    rb-fsevent (0.9.4)
    rb-inotify (0.9.5)
      ffi (>= 0.5.0)
    rerun-cj (0.10.1)
      listen (~> 2.7, >= 2.7.9)
    roda (2.2.0)
      rack
    roda-bin (0.1.8)
      clap
      rerun-cj
      roda
      thin
    stormpath-sdk (1.0.0.beta.7)
      activesupport (>= 3.2.8)
      httpclient (>= 2.2.5)
      java_properties
      multi_json (>= 1.3.6)
      properties-ruby (~> 0.0.4)
      uuidtools (>= 2.1.3)
    thin (1.6.3)
      daemons (~> 1.0, >= 1.0.9)
      eventmachine (~> 1.0)
      rack (~> 1.0)
    thread_safe (0.3.5)
    tilt (2.0.1)
    timers (4.0.1)
      hitimes
    tzinfo (1.2.2)
      thread_safe (~> 0.1)
    uuidtools (2.1.5)

PLATFORMS
  ruby

DEPENDENCIES
  erubis
  roda
  roda-bin
  stormpath-sdk (= 1.0.0.beta.7)
  tilt
